GIT
  remote: https://github.com/wintter/codebreaker.git
  revision: 7c760315eed3325579d5f2184806796c2796ca2c
  specs:
    codebreaker (0.1.0)

PATH
  remote: .
  specs:
    gem_codebreaker_rack (0.1.0)

GEM
  remote: https://rubygems.org/
  specs:
    diff-lcs (1.2.5)
    rack (1.6.1)
    rake (10.4.2)
    rspec (3.2.0)
      rspec-core (~> 3.2.0)
      rspec-expectations (~> 3.2.0)
      rspec-mocks (~> 3.2.0)
    rspec-core (3.2.3)
      rspec-support (~> 3.2.0)
    rspec-expectations (3.2.1)
      diff-lcs (>= 1.2.0, < 2.0)
      rspec-support (~> 3.2.0)
    rspec-mocks (3.2.1)
      diff-lcs (>= 1.2.0, < 2.0)
      rspec-support (~> 3.2.0)
    rspec-support (3.2.2)

PLATFORMS
  ruby

DEPENDENCIES
  bundler (~> 1.9)
  codebreaker!
  gem_codebreaker_rack!
  rack
  rake (~> 10.0)
  rspec
